GEM
  remote: https://rubygems.org/
  specs:
    coderay (1.1.0)
    fakefs (0.5.2)
    method_source (0.8.2)
    minitest (5.4.0)
    pry (0.10.1)
      coderay (~> 1.1.0)
      method_source (~> 0.8.1)
      slop (~> 3.4)
    slop (3.6.0)

PLATFORMS
  ruby

DEPENDENCIES
  fakefs (~> 0.5)
  minitest (~> 5.4)
  pry (~> 0.10.0)
