GEM
  remote: https://rubygems.org/
  specs:
    fakefs (0.5.2)
    minitest (5.4.0)

PLATFORMS
  ruby

DEPENDENCIES
  fakefs (~> 0.5)
  minitest (~> 5.4)
